GEM
  remote: https://rubygems.org/
  specs:
    erubis (2.7.0)
    foreman (0.78.0)
      thor (~> 0.19.1)
    kgio (2.10.0)
    mysql2 (0.3.18)
    mysql2-cs-bind (0.0.6)
      mysql2
    rack (1.6.13)
    rack-protection (1.5.5)
      rack
    raindrops (0.15.0)
    sinatra (1.4.6)
      rack (~> 1.4)
      rack-protection (~> 1.4)
      tilt (>= 1.3, < 3)
    thor (0.19.1)
    tilt (2.0.1)
    unicorn (5.0.0)
      kgio (~> 2.6)
      rack
      raindrops (~> 0.7)

PLATFORMS
  ruby

DEPENDENCIES
  erubis
  foreman
  mysql2 (= 0.3.18)
  mysql2-cs-bind
  sinatra
  unicorn

BUNDLED WITH
   1.10.6
