GEM
  remote: https://rubygems.org/
  specs:
    erubis (2.7.0)
    foreman (0.87.2)
    kgio (2.11.3)
    mustermann (1.1.1)
      ruby2_keywords (~> 0.0.1)
    mysql2 (0.5.3)
    mysql2-cs-bind (0.0.7)
      mysql2
    rack (2.2.8.1)
    rack-protection (2.0.8.1)
      rack
    raindrops (0.19.1)
    ruby2_keywords (0.0.2)
    sinatra (2.0.8.1)
      mustermann (~> 1.0)
      rack (~> 2.0)
      rack-protection (= 2.0.8.1)
      tilt (~> 2.0)
    tilt (2.0.10)
    unicorn (5.6.0)
      kgio (~> 2.6)
      raindrops (~> 0.7)

PLATFORMS
  ruby

DEPENDENCIES
  erubis
  foreman
  mysql2 (= 0.5.3)
  mysql2-cs-bind
  sinatra
  unicorn

BUNDLED WITH
   2.1.4
